GEM
  remote: https://rubygems.org/
  specs:
    i18n (0.7.0)
    rack (1.6.1)
    rack-protection (1.5.3)
      rack
    sinatra (1.4.6)
      rack (~> 1.4)
      rack-protection (~> 1.4)
      tilt (>= 1.3, < 3)
    tilt (2.0.1)

PLATFORMS
  ruby

DEPENDENCIES
  i18n
  sinatra

BUNDLED WITH
   1.10.3
